GEM
  remote: https://rubygems.org/
  specs:
    ffi (1.11.3)
    listen (3.2.0)
      rb-fsevent (~> 0.10, >= 0.10.3)
      rb-inotify (~> 0.9, >= 0.9.10)
    minitest (5.13.0)
    rb-fsevent (0.10.3)
    rb-inotify (0.10.0)
      ffi (~> 1.0)
    rerun (0.13.0)
      listen (~> 3.0)

PLATFORMS
  ruby

DEPENDENCIES
  minitest
  rerun

BUNDLED WITH
   2.0.2
